GEM
  remote: https://rubygems.org/
  specs:
    backports (3.15.0)
    cairo (1.16.4)
      native-package-installer (>= 1.0.3)
      pkg-config (>= 1.2.2)
    cairo-gobject (3.4.1)
      cairo (>= 1.16.2)
      glib2 (= 3.4.1)
    classy_hash (0.2.1)
    coderay (1.1.2)
    daemons (1.3.1)
    eventmachine (1.2.7)
    ffi (1.12.1)
    formatador (0.2.5)
    gdk_pixbuf2 (3.4.1)
      gio2 (= 3.4.1)
    gio2 (3.4.1)
      gobject-introspection (= 3.4.1)
    glib2 (3.4.1)
      native-package-installer (>= 1.0.3)
      pkg-config (>= 1.3.5)
    gobject-introspection (3.4.1)
      glib2 (= 3.4.1)
    guard (2.16.1)
      formatador (>= 0.2.4)
      listen (>= 2.7, < 4.0)
      lumberjack (>= 1.0.12, < 2.0)
      nenv (~> 0.1)
      notiffany (~> 0.0)
      pry (>= 0.9.12)
      shellany (~> 0.0)
      thor (>= 0.18.1)
    guard-rake (1.0.0)
      guard
      rake
    guard-shotgun (0.4.0)
      ffi
      guard (~> 2.0)
      spoon
    highline (2.0.2)
    httparty (0.17.3)
      mime-types (~> 3.0)
      multi_xml (>= 0.5.2)
    json (2.3.0)
    listen (3.2.1)
      rb-fsevent (~> 0.10, >= 0.10.3)
      rb-inotify (~> 0.9, >= 0.9.10)
    lumberjack (1.2.0)
    mercenary (0.3.6)
    method_source (0.9.2)
    mime-types (3.3.1)
      mime-types-data (~> 3.2015)
    mime-types-data (3.2019.1009)
    mini_portile2 (2.4.0)
    multi_json (1.14.1)
    multi_xml (0.6.0)
    mustermann (1.1.1)
      ruby2_keywords (~> 0.0.1)
    native-package-installer (1.0.9)
    nenv (0.3.0)
    nokogiri (1.10.4)
      mini_portile2 (~> 2.4.0)
    notiffany (0.1.3)
      nenv (~> 0.1)
      shellany (~> 0.0)
    pango (3.4.1)
      cairo-gobject (= 3.4.1)
      gobject-introspection (= 3.4.1)
    pkg-config (1.4.0)
    pry (0.12.2)
      coderay (~> 1.1.0)
      method_source (~> 0.9.0)
    rack (2.2.3)
    rack-protection (2.0.8.1)
      rack
    rake (13.0.1)
    rb-fsevent (0.10.3)
    rb-inotify (0.10.1)
      ffi (~> 1.0)
    rb-readline (0.5.5)
    roo (2.8.2)
      nokogiri (~> 1)
      rubyzip (>= 1.2.1, < 2.0.0)
    rsvg2 (3.4.1)
      cairo-gobject (= 3.4.1)
      gdk_pixbuf2 (= 3.4.1)
    ruby-progressbar (1.10.1)
    ruby2_keywords (0.0.2)
    rubyzip (1.3.0)
    shellany (0.0.1)
    sinatra (2.0.8.1)
      mustermann (~> 1.0)
      rack (~> 2.0)
      rack-protection (= 2.0.8.1)
      tilt (~> 2.0)
    sinatra-contrib (2.0.8.1)
      backports (>= 2.8.2)
      multi_json
      mustermann (~> 1.0)
      rack-protection (= 2.0.8.1)
      sinatra (= 2.0.8.1)
      tilt (~> 2.0)
    sinatra-cross_origin (0.4.0)
    spoon (0.0.6)
      ffi
    squib (0.15.3)
      cairo (~> 1.16)
      classy_hash (= 0.2.1)
      gio2 (~> 3.4)
      gobject-introspection (~> 3.4)
      highline (= 2.0.2)
      mercenary (= 0.3.6)
      nokogiri (= 1.10.4)
      pango (~> 3.4)
      roo (= 2.8.2)
      rsvg2 (~> 3.4)
      ruby-progressbar (~> 1.10)
    thin (1.7.2)
      daemons (~> 1.0, >= 1.0.9)
      eventmachine (~> 1.0, >= 1.0.4)
      rack (>= 1, < 3)
    thor (1.0.1)
    tilt (2.0.10)

PLATFORMS
  ruby

DEPENDENCIES
  guard
  guard-rake
  guard-shotgun
  httparty
  json
  pry
  rb-readline
  sinatra
  sinatra-contrib
  sinatra-cross_origin
  squib
  thin

RUBY VERSION
   ruby 2.7.0p0

BUNDLED WITH
   2.1.4
